GEM
  remote: https://rubygems.org/
  specs:
    mustermann (1.1.1)
      ruby2_keywords (~> 0.0.1)
    ruby2_keywords (0.0.5)
    table_print (1.5.7)

PLATFORMS
  ruby

DEPENDENCIES
  mustermann
  table_print

BUNDLED WITH
   2.3.17
